GIT
  remote: https://github.com/citation-style-language/Sheldon.git
  revision: 0d607983e872e9344c64914277fd7409ac0e29d3
  specs:
    sheldon (1.0.30)
      citeproc-ruby
      csl-styles
      diffy
      dotenv
      erubis (~> 2.7)
      faraday
      faraday_middleware
      git_diff
      hashdiff (= 0.3.7)
      nokogiri
      octokit (~> 4.0)
      ostruct
      reverse_markdown

GEM
  remote: https://rubygems.org/
  specs:
    addressable (2.7.0)
      public_suffix (>= 2.0.2, < 5.0)
    citeproc (1.0.6)
      namae (~> 0.8)
    citeproc-ruby (1.1.8)
      citeproc (>= 1.0.4, < 2.0)
      csl (~> 1.4)
    csl (1.4.3)
      namae (~> 0.7)
    csl-styles (1.0.1.10)
      csl (~> 1.0)
    diff-lcs (1.2.5)
    diffy (3.4.0)
    dotenv (2.7.6)
    erubis (2.7.0)
    faraday (1.2.0)
      multipart-post (>= 1.2, < 3)
      ruby2_keywords
    faraday_middleware (1.0.0)
      faraday (~> 1.0)
    fuubar (2.0.0)
      rspec (~> 3.0)
      ruby-progressbar (~> 1.4)
    git_diff (0.4.2)
    hashdiff (0.3.7)
    mini_portile2 (2.4.0)
    multipart-post (2.1.1)
    namae (0.10.1)
    nokogiri (1.10.10)
      mini_portile2 (~> 2.4.0)
    nokogiri (1.10.10-x86-mingw32)
      mini_portile2 (~> 2.4.0)
    octokit (4.20.0)
      faraday (>= 0.9)
      sawyer (~> 0.8.0, >= 0.5.3)
    ostruct (0.3.1)
    public_suffix (4.0.6)
    rake (10.5.0)
    reverse_markdown (2.0.0)
      nokogiri
    rspec (3.4.0)
      rspec-core (~> 3.4.0)
      rspec-expectations (~> 3.4.0)
      rspec-mocks (~> 3.4.0)
    rspec-core (3.4.3)
      rspec-support (~> 3.4.0)
    rspec-expectations (3.4.0)
      diff-lcs (>= 1.2.0, < 2.0)
      rspec-support (~> 3.4.0)
    rspec-mocks (3.4.1)
      diff-lcs (>= 1.2.0, < 2.0)
      rspec-support (~> 3.4.0)
    rspec-support (3.4.1)
    ruby-progressbar (1.7.5)
    ruby2_keywords (0.0.2)
    sawyer (0.8.2)
      addressable (>= 2.3.5)
      faraday (> 0.8, < 2.0)

PLATFORMS
  ruby
  x86-mingw32

DEPENDENCIES
  csl (~> 1.0)
  fuubar
  nokogiri
  rake
  rspec
  sheldon!

BUNDLED WITH
   1.11.2
