GIT
  remote: https://github.com/citation-style-language/Sheldon.git
  revision: 57cdd8a266a898928fe6f30f19cb5f6a9f7ea13e
  specs:
    sheldon (1.0.2)
      citeproc-ruby
      csl-styles
      diffy
      dotenv
      nokogiri
      ostruct
      reverse_markdown

GEM
  remote: https://rubygems.org/
  specs:
    citeproc (1.0.6)
      namae (~> 0.8)
    citeproc-ruby (1.1.8)
      citeproc (>= 1.0.4, < 2.0)
      csl (~> 1.4)
    csl (1.4.3)
      namae (~> 0.7)
    csl-styles (1.0.1.10)
      csl (~> 1.0)
    diff-lcs (1.2.5)
    diffy (3.3.0)
    dotenv (2.7.5)
    fuubar (2.0.0)
      rspec (~> 3.0)
      ruby-progressbar (~> 1.4)
    mini_portile2 (2.4.0)
    namae (0.10.1)
    nokogiri (1.10.8)
      mini_portile2 (~> 2.4.0)
    nokogiri (1.10.8-x86-mingw32)
      mini_portile2 (~> 2.4.0)
    ostruct (0.1.0)
    rake (10.5.0)
    reverse_markdown (1.4.0)
      nokogiri
    rspec (3.4.0)
      rspec-core (~> 3.4.0)
      rspec-expectations (~> 3.4.0)
      rspec-mocks (~> 3.4.0)
    rspec-core (3.4.3)
      rspec-support (~> 3.4.0)
    rspec-expectations (3.4.0)
      diff-lcs (>= 1.2.0, < 2.0)
      rspec-support (~> 3.4.0)
    rspec-mocks (3.4.1)
      diff-lcs (>= 1.2.0, < 2.0)
      rspec-support (~> 3.4.0)
    rspec-support (3.4.1)
    ruby-progressbar (1.7.5)

PLATFORMS
  ruby
  x86-mingw32

DEPENDENCIES
  csl (~> 1.0)
  fuubar
  nokogiri
  rake
  rspec
  sheldon!

BUNDLED WITH
   1.11.2
